GEM
  remote: https://rubygems.org/
  specs:
    polyglot (0.3.5)
    treetop (1.5.3)
      polyglot (~> 0.3)

PLATFORMS
  ruby

DEPENDENCIES
  treetop
